PATH
  remote: .
  specs:
    zapp_sdk_tasks (0.1.0)
      aws-sdk-s3 (~> 1)
      faraday (~> 0.15.3)
      rake (~> 11.0)
      versionomy (~> 0.5.0)

GEM
  remote: https://rubygems.org/
  specs:
    ast (2.4.0)
    aws-eventstream (1.0.1)
    aws-partitions (1.117.0)
    aws-sdk-core (3.40.0)
      aws-eventstream (~> 1.0)
      aws-partitions (~> 1.0)
      aws-sigv4 (~> 1.0)
      jmespath (~> 1.0)
    aws-sdk-kms (1.13.0)
      aws-sdk-core (~> 3, >= 3.39.0)
      aws-sigv4 (~> 1.0)
    aws-sdk-s3 (1.27.0)
      aws-sdk-core (~> 3, >= 3.39.0)
      aws-sdk-kms (~> 1)
      aws-sigv4 (~> 1.0)
    aws-sigv4 (1.0.3)
    blockenspiel (0.5.0)
    coderay (1.1.2)
    diff-lcs (1.3)
    dotenv (2.5.0)
    fantaskspec (1.0.0)
      rake (>= 11.0)
      rspec (~> 3.0)
    faraday (0.15.4)
      multipart-post (>= 1.2, < 3)
    jaro_winkler (1.5.1)
    jmespath (1.4.0)
    method_source (0.9.2)
    multipart-post (2.0.0)
    parallel (1.12.1)
    parser (2.5.3.0)
      ast (~> 2.4.0)
    powerpack (0.1.2)
    pry (0.12.2)
      coderay (~> 1.1.0)
      method_source (~> 0.9.0)
    rainbow (3.0.0)
    rake (11.3.0)
    rspec (3.8.0)
      rspec-core (~> 3.8.0)
      rspec-expectations (~> 3.8.0)
      rspec-mocks (~> 3.8.0)
    rspec-core (3.8.0)
      rspec-support (~> 3.8.0)
    rspec-expectations (3.8.2)
      diff-lcs (>= 1.2.0, < 2.0)
      rspec-support (~> 3.8.0)
    rspec-mocks (3.8.0)
      diff-lcs (>= 1.2.0, < 2.0)
      rspec-support (~> 3.8.0)
    rspec-support (3.8.0)
    rspec_junit_formatter (0.4.1)
      rspec-core (>= 2, < 4, != 2.12.0)
    rubocop (0.60.0)
      jaro_winkler (~> 1.5.1)
      parallel (~> 1.10)
      parser (>= 2.5, != 2.5.1.1)
      powerpack (~> 0.1)
      rainbow (>= 2.2.2, < 4.0)
      ruby-progressbar (~> 1.7)
      unicode-display_width (~> 1.4.0)
    ruby-progressbar (1.10.0)
    unicode-display_width (1.4.0)
    versionomy (0.5.0)
      blockenspiel (~> 0.5)

PLATFORMS
  ruby

DEPENDENCIES
  bundler (~> 1.16)
  dotenv (~> 2.5.0)
  fantaskspec (~> 1.0.0)
  pry (~> 0.12.1)
  rake (~> 11.0)
  rspec (~> 3.0)
  rspec_junit_formatter (~> 0.4.1)
  rubocop (~> 0.60.0)
  zapp_sdk_tasks!

BUNDLED WITH
   1.16.2
