PATH
  remote: .
  specs:
    zapp_sdk_tasks (0.6.0)
      aws-sdk-s3 (~> 1)
      faraday (~> 1.0.0)
      rake (>= 11, < 14)
      versionomy (~> 0.5.0)

GEM
  remote: https://rubygems.org/
  specs:
    ast (2.4.1)
    aws-eventstream (1.1.0)
    aws-partitions (1.381.0)
    aws-sdk-core (3.109.1)
      aws-eventstream (~> 1, >= 1.0.2)
      aws-partitions (~> 1, >= 1.239.0)
      aws-sigv4 (~> 1.1)
      jmespath (~> 1.0)
    aws-sdk-kms (1.39.0)
      aws-sdk-core (~> 3, >= 3.109.0)
      aws-sigv4 (~> 1.1)
    aws-sdk-s3 (1.83.0)
      aws-sdk-core (~> 3, >= 3.109.0)
      aws-sdk-kms (~> 1)
      aws-sigv4 (~> 1.1)
    aws-sigv4 (1.2.2)
      aws-eventstream (~> 1, >= 1.0.2)
    blockenspiel (0.5.0)
    coderay (1.1.3)
    diff-lcs (1.4.4)
    dotenv (2.5.0)
    fantaskspec (1.0.0)
      rake (>= 11.0)
      rspec (~> 3.0)
    faraday (1.0.1)
      multipart-post (>= 1.2, < 3)
    jaro_winkler (1.5.4)
    jmespath (1.4.0)
    method_source (0.9.2)
    multipart-post (2.1.1)
    parallel (1.19.2)
    parser (2.7.2.0)
      ast (~> 2.4.1)
    powerpack (0.1.2)
    pry (0.12.2)
      coderay (~> 1.1.0)
      method_source (~> 0.9.0)
    rainbow (3.0.0)
    rake (13.0.1)
    rspec (3.9.0)
      rspec-core (~> 3.9.0)
      rspec-expectations (~> 3.9.0)
      rspec-mocks (~> 3.9.0)
    rspec-core (3.9.3)
      rspec-support (~> 3.9.3)
    rspec-expectations (3.9.2)
      diff-lcs (>= 1.2.0, < 2.0)
      rspec-support (~> 3.9.0)
    rspec-mocks (3.9.1)
      diff-lcs (>= 1.2.0, < 2.0)
      rspec-support (~> 3.9.0)
    rspec-support (3.9.3)
    rspec_junit_formatter (0.4.1)
      rspec-core (>= 2, < 4, != 2.12.0)
    rubocop (0.60.0)
      jaro_winkler (~> 1.5.1)
      parallel (~> 1.10)
      parser (>= 2.5, != 2.5.1.1)
      powerpack (~> 0.1)
      rainbow (>= 2.2.2, < 4.0)
      ruby-progressbar (~> 1.7)
      unicode-display_width (~> 1.4.0)
    ruby-progressbar (1.10.1)
    unicode-display_width (1.4.1)
    versionomy (0.5.0)
      blockenspiel (~> 0.5)

PLATFORMS
  ruby

DEPENDENCIES
  bundler (~> 1.16)
  dotenv (~> 2.5.0)
  fantaskspec (~> 1.0.0)
  pry (~> 0.12.1)
  rake (>= 11, < 14)
  rspec (~> 3.0)
  rspec_junit_formatter (~> 0.4.1)
  rubocop (~> 0.60.0)
  zapp_sdk_tasks!

BUNDLED WITH
   1.17.2
